GEM
  remote: http://rubygems.org/
  specs:
    hoe (2.9.6)
      rake (~> 0.8)
    net-http-persistent (1.7)
    rake (0.9.2)
    rdoc (3.7)

PLATFORMS
  ruby

DEPENDENCIES
  hoe (= 2.9.6)
  net-http-persistent (= 1.7)
  rdoc (= 3.7)
