GEM
  specs:
    hoe (2.9.6)
      rake (~> 0.8)
    net-http-persistent (1.7)
    rake (0.9.2)

PLATFORMS
  ruby

DEPENDENCIES
  hoe (= 2.9.6)
  net-http-persistent (= 1.7)
  rake (= 0.9.2)
